PATH
  remote: ../onkyo_eiscp_ruby
  specs:
    onkyo_eiscp_ruby (1.0.4)

GEM
  specs:
    eventmachine (1.0.3)

PLATFORMS
  ruby

DEPENDENCIES
  eventmachine
  onkyo_eiscp_ruby!
